PATH
  remote: .
  specs:
    aws-ie (0.0.2)
      nokogiri (= 1.4.3.1)

GEM
  remote: http://rubygems.org/
  specs:
    nokogiri (1.4.3.1)
    rspec (1.3.0)

PLATFORMS
  ruby

DEPENDENCIES
  aws-ie!
  bundler (>= 1.0.0)
  nokogiri (= 1.4.3.1)
  rspec (= 1.3.0)
