PATH
  remote: .
  specs:
    aws-ie (0.0.3)
      nokogiri (>= 1.4.3.1)

GEM
  remote: http://rubygems.org/
  specs:
    nokogiri (1.5.11)
    rspec (1.3.1)

PLATFORMS
  ruby

DEPENDENCIES
  aws-ie!
  bundler (>= 1.0.0)
  rspec (>= 1.3.0)
